GIT
  remote: git://github.com/tent/tent-client-ruby.git
  revision: cf85fd99840d60bd7b581fa11e35363223b99cf3
  branch: master
  specs:
    tent-client (0.0.1)
      addressable
      faraday (= 0.8.4)
      faraday_middleware (= 0.8.8)
      faraday_middleware-multi_json
      nokogiri
      yajl-ruby

GIT
  remote: git://github.com/tent/tentd.git
  revision: d2047f38739f64b421376fe27094d52cf7566819
  branch: master
  specs:
    tentd (0.0.1)
      hashie
      json
      pg
      rack-mount (~> 0.8.3)
      sequel
      tent-client
      yajl-ruby

GIT
  remote: git://github.com/titanous/asset_sync.git
  revision: 64f86044921b7029cf3be673a1920aa7fdfe8604
  branch: fix-mime
  specs:
    asset_sync (0.5.0)
      activemodel
      fog

GEM
  remote: https://rubygems.org/
  specs:
    activemodel (3.2.8)
      activesupport (= 3.2.8)
      builder (~> 3.0.0)
    activesupport (3.2.8)
      i18n (~> 0.6)
      multi_json (~> 1.0)
    addressable (2.3.2)
    builder (3.0.4)
    connection_pool (0.9.2)
    excon (0.16.7)
    faraday (0.8.4)
      multipart-post (~> 1.1)
    faraday_middleware (0.8.8)
      faraday (>= 0.7.4, < 0.9)
    faraday_middleware-multi_json (0.0.5)
      faraday_middleware
      multi_json
    fog (1.6.0)
      builder
      excon (~> 0.14)
      formatador (~> 0.2.0)
      mime-types
      multi_json (~> 1.0)
      net-scp (~> 1.0.4)
      net-ssh (>= 2.1.3)
      nokogiri (~> 1.5.0)
      ruby-hmac
    formatador (0.2.3)
    girl_friday (0.10.0)
      connection_pool (~> 0.9.0)
    hashie (1.2.0)
    i18n (0.6.1)
    json (1.7.6)
    mime-types (1.19)
    multi_json (1.5.0)
    multipart-post (1.1.5)
    net-scp (1.0.4)
      net-ssh (>= 1.99.1)
    net-ssh (2.6.1)
    nokogiri (1.5.5)
    pg (0.14.1)
    puma (1.6.3)
      rack (~> 1.2)
    rack (1.4.3)
    rack-mount (0.8.3)
      rack (>= 1.0.0)
    rack-ssl-enforcer (0.2.4)
    ruby-hmac (0.4.0)
    sequel (3.43.0)
    yajl-ruby (1.1.0)

PLATFORMS
  ruby

DEPENDENCIES
  addressable
  asset_sync!
  girl_friday
  mime-types
  pg
  puma
  rack-ssl-enforcer
  tent-client!
  tentd!
